PATH
  remote: .
  specs:
    oracle-enhanced-enhanced (0.1.6)
      activerecord-oracle_enhanced-adapter

GEM
  remote: http://rubygems.org/
  specs:
    activerecord-oracle_enhanced-adapter (1.3.2)

PLATFORMS
  ruby

DEPENDENCIES
  oracle-enhanced-enhanced!
