PATH
  remote: .
  specs:
    oracle-enhanced-enhanced (0.1.7)
      activerecord-oracle_enhanced-adapter

GEM
  remote: http://rubygems.org/
  specs:
    activerecord-oracle_enhanced-adapter (1.4.1)

PLATFORMS
  ruby

DEPENDENCIES
  oracle-enhanced-enhanced!
